PATH
  remote: .
  specs:
    limitless-led (0.1.2)
      color
      eventmachine
      rainbow

GEM
  remote: https://rubygems.org/
  specs:
    color (1.4.2)
    diff-lcs (1.2.5)
    eventmachine (1.0.3)
    rainbow (1.1.4)
    rake (10.1.0)
    rspec (2.14.1)
      rspec-core (~> 2.14.0)
      rspec-expectations (~> 2.14.0)
      rspec-mocks (~> 2.14.0)
    rspec-core (2.14.7)
    rspec-expectations (2.14.4)
      diff-lcs (>= 1.1.3, < 2.0)
    rspec-mocks (2.14.4)

PLATFORMS
  ruby

DEPENDENCIES
  limitless-led!
  rake
  rspec
